PATH
  remote: .
  specs:
    fast_cqrs (0.2.0)
      dry-matcher
      dry-monads
      dry-struct
      dry-types
      dry-validation

GEM
  remote: https://rubygems.org/
  specs:
    ast (2.4.0)
    concurrent-ruby (1.1.7)
    diff-lcs (1.3)
    dry-configurable (0.11.6)
      concurrent-ruby (~> 1.0)
      dry-core (~> 0.4, >= 0.4.7)
      dry-equalizer (~> 0.2)
    dry-container (0.7.2)
      concurrent-ruby (~> 1.0)
      dry-configurable (~> 0.1, >= 0.1.3)
    dry-core (0.4.10)
      concurrent-ruby (~> 1.0)
    dry-equalizer (0.3.0)
    dry-inflector (0.2.0)
    dry-initializer (3.0.4)
    dry-logic (1.0.8)
      concurrent-ruby (~> 1.0)
      dry-core (~> 0.2)
      dry-equalizer (~> 0.2)
    dry-matcher (0.8.3)
      dry-core (>= 0.4.8)
    dry-monads (1.3.5)
      concurrent-ruby (~> 1.0)
      dry-core (~> 0.4, >= 0.4.4)
      dry-equalizer
    dry-schema (1.5.6)
      concurrent-ruby (~> 1.0)
      dry-configurable (~> 0.8, >= 0.8.3)
      dry-core (~> 0.4)
      dry-equalizer (~> 0.2)
      dry-initializer (~> 3.0)
      dry-logic (~> 1.0)
      dry-types (~> 1.4)
    dry-struct (1.3.0)
      dry-core (~> 0.4, >= 0.4.4)
      dry-equalizer (~> 0.3)
      dry-types (~> 1.3)
      ice_nine (~> 0.11)
    dry-types (1.4.0)
      concurrent-ruby (~> 1.0)
      dry-container (~> 0.3)
      dry-core (~> 0.4, >= 0.4.4)
      dry-equalizer (~> 0.3)
      dry-inflector (~> 0.1, >= 0.1.2)
      dry-logic (~> 1.0, >= 1.0.2)
    dry-validation (1.5.6)
      concurrent-ruby (~> 1.0)
      dry-container (~> 0.7, >= 0.7.1)
      dry-core (~> 0.4)
      dry-equalizer (~> 0.2)
      dry-initializer (~> 3.0)
      dry-schema (~> 1.5, >= 1.5.2)
    ice_nine (0.11.2)
    parallel (1.19.1)
    parser (2.7.1.3)
      ast (~> 2.4.0)
    rainbow (3.0.0)
    rake (12.3.3)
    regexp_parser (1.7.1)
    rexml (3.2.5)
    rspec (3.9.0)
      rspec-core (~> 3.9.0)
      rspec-expectations (~> 3.9.0)
      rspec-mocks (~> 3.9.0)
    rspec-core (3.9.2)
      rspec-support (~> 3.9.3)
    rspec-expectations (3.9.2)
      diff-lcs (>= 1.2.0, < 2.0)
      rspec-support (~> 3.9.0)
    rspec-mocks (3.9.1)
      diff-lcs (>= 1.2.0, < 2.0)
      rspec-support (~> 3.9.0)
    rspec-support (3.9.3)
    rubocop (0.85.1)
      parallel (~> 1.10)
      parser (>= 2.7.0.1)
      rainbow (>= 2.2.2, < 4.0)
      regexp_parser (>= 1.7)
      rexml
      rubocop-ast (>= 0.0.3)
      ruby-progressbar (~> 1.7)
      unicode-display_width (>= 1.4.0, < 2.0)
    rubocop-ast (0.0.3)
      parser (>= 2.7.0.1)
    rubocop-performance (1.6.1)
      rubocop (>= 0.71.0)
    ruby-progressbar (1.10.1)
    unicode-display_width (1.7.0)

PLATFORMS
  ruby

DEPENDENCIES
  fast_cqrs!
  rake (~> 12.0)
  rspec (~> 3.0)
  rubocop
  rubocop-performance

BUNDLED WITH
   2.1.4
